PATH
  remote: .
  specs:
    topgg (2.0.0)
      rack (~> 3.0.9.1)

GEM
  remote: https://rubygems.org/
  specs:
    cgi (0.5.0)
    ostruct (0.6.1)
    rack (3.0.9.1)
    rake (13.0.6)

PLATFORMS
  x64-mingw-ucrt
  x86_64-linux

DEPENDENCIES
  cgi (~> 0.5.0)
  ostruct
  rack
  rake
  topgg!

BUNDLED WITH
   2.6.9
