PATH
  remote: .
  specs:
    topgg (2.0.0)

GEM
  remote: https://rubygems.org/
  specs:
    ostruct (0.6.1)
    power_assert (2.0.5)
    rake (13.0.6)
    test-unit (3.6.8)
      power_assert

PLATFORMS
  x64-mingw-ucrt
  x86_64-linux

DEPENDENCIES
  ostruct (~> 0.6)
  rake (~> 13.0)
  test-unit (~> 3.1, >= 3.1.8)
  topgg!

BUNDLED WITH
   2.6.7
